GEM
  remote: https://rubygems.org/
  specs:
    activesupport (7.2.1.1)
      base64
      bigdecimal
      concurrent-ruby (~> 1.0, >= 1.3.1)
      connection_pool (>= 2.2.5)
      drb
      i18n (>= 1.6, < 2)
      logger (>= 1.4.2)
      minitest (>= 5.1)
      securerandom (>= 0.3)
      tzinfo (~> 2.0, >= 2.0.5)
    base64 (0.2.0)
    bigdecimal (3.1.8)
    click_house (2.1.2)
      activesupport
      faraday (>= 1.7, < 3)
    cmdstan (0.4.0)
      csv
    concurrent-ruby (1.3.4)
    connection_pool (2.4.1)
    csv (3.3.0)
    drb (2.2.1)
    faraday (2.12.0)
      faraday-net_http (>= 2.0, < 3.4)
      json
      logger
    faraday-net_http (3.3.0)
      net-http
    i18n (1.14.6)
      concurrent-ruby (~> 1.0)
    json (2.7.2)
    logfmt (0.0.10)
    logger (1.6.1)
    matplotlib (1.3.0)
      pycall (>= 1.0.0)
    minitest (5.25.1)
    net-http (0.4.1)
      uri
    numo-narray (0.9.2.1)
    pg (1.5.8)
    prophet-rb (0.5.1)
      cmdstan (>= 0.2)
      numo-narray (>= 0.9.1.7)
      rover-df
    pycall (1.5.2)
    rover-df (0.4.1)
      numo-narray (>= 0.9.1.9)
    securerandom (0.3.1)
    tzinfo (2.0.6)
      concurrent-ruby (~> 1.0)
    uri (0.13.1)

PLATFORMS
  arm64-darwin-20
  x86_64-darwin-21

DEPENDENCIES
  click_house (= 2.1.2)
  logfmt
  matplotlib
  pg (= 1.5.8)
  prophet-rb

BUNDLED WITH
   2.2.23
